GEM
  remote: https://rubygems.org/
  specs:
    power_assert (0.3.0)
    test-unit (3.1.9)
      power_assert

PLATFORMS
  ruby

DEPENDENCIES
  test-unit (~> 3.1.9)

RUBY VERSION
   ruby 2.3.1p112

BUNDLED WITH
   1.12.3
