GEM
  remote: https://rubygems.org/
  specs:
    diff-lcs (1.2.5)
    power_assert (0.3.0)
    rspec (3.4.0)
      rspec-core (~> 3.4.0)
      rspec-expectations (~> 3.4.0)
      rspec-mocks (~> 3.4.0)
    rspec-core (3.4.4)
      rspec-support (~> 3.4.0)
    rspec-expectations (3.4.0)
      diff-lcs (>= 1.2.0, < 2.0)
      rspec-support (~> 3.4.0)
    rspec-mocks (3.4.1)
      diff-lcs (>= 1.2.0, < 2.0)
      rspec-support (~> 3.4.0)
    rspec-support (3.4.1)
    test-unit (3.1.9)
      power_assert

PLATFORMS
  ruby

DEPENDENCIES
  rspec (~> 3.4.0)
  test-unit (~> 3.1.9)

RUBY VERSION
   ruby 2.3.1p112

BUNDLED WITH
   1.12.3
